PATH
  remote: .
  specs:
    rock_n_roll (0.1.0)

GEM
  remote: https://rubygems.org/
  specs:
    rake (10.4.2)

PLATFORMS
  ruby

DEPENDENCIES
  bundler (~> 1.16)
  rake (~> 10.0)
  rock_n_roll!

BUNDLED WITH
   1.16.1
